PATH
  remote: .
  specs:
    shenzhen (0.4.0)
      aws-sdk (~> 1.0)
      commander (~> 4.1)
      dotenv (~> 0.7)
      faraday (~> 0.8)
      faraday_middleware (~> 0.9)
      json (~> 1.8)
      net-sftp (~> 2.1.2)

GEM
  remote: https://rubygems.org/
  specs:
    aws-sdk (1.20.0)
      json (~> 1.4)
      nokogiri (>= 1.4.4, < 1.6.0)
      uuidtools (~> 2.1)
    commander (4.1.5)
      highline (~> 1.6.11)
    dotenv (0.9.0)
    faraday (0.8.8)
      multipart-post (~> 1.2.0)
    faraday_middleware (0.9.0)
      faraday (>= 0.7.4, < 0.9)
    highline (1.6.19)
    json (1.8.0)
    multipart-post (1.2.0)
    net-sftp (2.1.2)
      net-ssh (>= 2.6.5)
    net-ssh (2.7.0)
    nokogiri (1.5.10)
    rake (0.9.6)
    rspec (0.6.4)
    uuidtools (2.1.4)

PLATFORMS
  ruby

DEPENDENCIES
  rake
  rspec
  shenzhen!
