PATH
  remote: .
  specs:
    shenzhen (0.4.0)
      aws-sdk (~> 1.0)
      commander (~> 4.1)
      dotenv (~> 0.7)
      faraday (~> 0.8)
      faraday_middleware (~> 0.9)
      json (~> 1.8)

GEM
  remote: https://rubygems.org/
  specs:
    aws-sdk (1.3.4)
      httparty (~> 0.7)
      json (~> 1.4)
      nokogiri (>= 1.4.4)
      uuidtools (~> 2.1)
    commander (4.1.5)
      highline (~> 1.6.11)
    dotenv (0.9.0)
    faraday (0.8.7)
      multipart-post (~> 1.1)
    faraday_middleware (0.9.0)
      faraday (>= 0.7.4, < 0.9)
    highline (1.6.19)
    httparty (0.11.0)
      multi_json (~> 1.0)
      multi_xml (>= 0.5.2)
    json (1.8.0)
    mini_portile (0.5.1)
    multi_json (1.7.9)
    multi_xml (0.5.4)
    multipart-post (1.2.0)
    nokogiri (1.6.0)
      mini_portile (~> 0.5.0)
    rake (0.9.6)
    rspec (0.6.4)
    uuidtools (2.1.4)

PLATFORMS
  ruby

DEPENDENCIES
  rake
  rspec
  shenzhen!
